NUGET
  remote: https://www.nuget.org/api/v2
  specs:
    fszmq (4.0.8)
